PATH
  remote: .
  specs:
    shoulda-kept-assign-to (2.1.0)
      shoulda-matchers (>= 2.1.0)

GEM
  remote: https://rubygems.org/
  specs:
    activesupport (3.2.13)
      i18n (= 0.6.1)
      multi_json (~> 1.0)
    i18n (0.6.1)
    multi_json (1.7.4)
    rake (10.0.3)
    shoulda-matchers (2.1.0)
      activesupport (>= 3.0.0)

PLATFORMS
  ruby

DEPENDENCIES
  bundler (~> 1.1)
  rake (>= 0.9.2)
  shoulda-kept-assign-to!
